GEM
  remote: http://rubygems.org/
  specs:
    actionpack (2.3.10)
      activesupport (= 2.3.10)
      rack (~> 1.1.0)
    activeresource (2.3.10)
      activesupport (= 2.3.10)
    activesupport (2.3.10)
    amatch (0.2.5)
    curb (0.7.10)
    diff-lcs (1.1.2)
    git (1.2.5)
    jeweler (1.5.2)
      bundler (~> 1.0.0)
      git (>= 1.2.5)
      rake
    mime-types (1.16)
    rack (1.1.0)
    rake (0.8.7)
    rest-client (1.6.1)
      mime-types (>= 1.16)
    rspec (2.4.0)
      rspec-core (~> 2.4.0)
      rspec-expectations (~> 2.4.0)
      rspec-mocks (~> 2.4.0)
    rspec-core (2.4.0)
    rspec-expectations (2.4.0)
      diff-lcs (~> 1.1.2)
    rspec-mocks (2.4.0)

PLATFORMS
  ruby

DEPENDENCIES
  actionpack (~> 2.3.2)
  activeresource (~> 2.3.2)
  amatch (~> 0.2.5)
  bundler (~> 1.0.0)
  curb (~> 0.7.7)
  jeweler (~> 1.5.2)
  rest-client (~> 1.6.0)
  rspec (~> 2.4.0)
